PATH
  remote: .
  specs:
    cuba-overcontrol (1.0.0)
      cuba

GEM
  remote: https://rubygems.org/
  specs:
    byebug (11.0.1)
    cuba (3.9.2)
      rack (>= 1.6.0)
    minitest (5.11.3)
    rack (2.2.3)
    rack-test (1.1.0)
      rack (>= 1.0, < 3)
    tilt (2.0.9)

PLATFORMS
  ruby

DEPENDENCIES
  bundler
  byebug
  cuba-overcontrol!
  minitest
  rack-test
  tilt

BUNDLED WITH
   1.17.2
